GEM
  remote: https://rubygems.org/
  specs:
    pkg-config (1.5.5)
    rhex (2.0.3)
    rmagick (5.3.0)
      pkg-config (~> 1.4)

PLATFORMS
  ruby

DEPENDENCIES
  rhex
  rmagick

BUNDLED WITH
   2.0.1
